PATH
  remote: ..
  specs:
    instana (1.7.1)
      ffi (>= 1.8.1)
      get_process_mem (>= 0.2.1)
      sys-proctable (>= 1.1.3)
      timers (>= 4.1.0)

GEM
  remote: https://rubygems.org/
  specs:
    ffi (1.9.18)
    get_process_mem (0.2.1)
    hitimes (1.2.6)
    sys-proctable (1.1.5-universal-darwin)
    timers (4.1.2)
      hitimes

PLATFORMS
  ruby
  x86_64-darwin-15

DEPENDENCIES
  instana!

BUNDLED WITH
   1.15.4
